GIT
  remote: git://projects.tryphon.priv/box
  revision: 7b3841311cdaab33ea2542b1c5e32cf255165242
  specs:
    tryphon-box (0.0.14)
      activesupport (< 4)
      facter
      httparty
      steto
      treetop
      trollop

GIT
  remote: git://projects.tryphon.priv/pige
  revision: 7fa4b4dde07ca0dbcdec549c0907192a819b7161
  specs:
    pige (0.0.1)
      activesupport
      taglib-ruby

GEM
  remote: http://rubygems.org/
  specs:
    SyslogLogger (2.0)
    actionmailer (2.3.8)
      actionpack (= 2.3.8)
    actionpack (2.3.8)
      activesupport (= 2.3.8)
      rack (~> 1.1.0)
    activerecord (2.3.8)
      activesupport (= 2.3.8)
    activeresource (2.3.8)
      activesupport (= 2.3.8)
    activesupport (2.3.8)
    capistrano (2.14.2)
      highline
      net-scp (>= 1.0.0)
      net-sftp (>= 2.0.0)
      net-ssh (>= 2.0.14)
      net-ssh-gateway (>= 1.1.0)
    cocaine (0.2.1)
    coderay (1.0.9)
    commonjs (0.2.6)
    crack (0.1.8)
    daemons (1.0.10)
    delayed_job (2.0.7)
      activesupport (~> 2.0)
      daemons (= 1.0.10)
    facter (1.7.3)
    ffi (1.9.0)
    formatador (0.2.4)
    guard (1.8.2)
      formatador (>= 0.2.4)
      listen (>= 1.0.0)
      lumberjack (>= 1.0.2)
      pry (>= 0.9.10)
      thor (>= 0.14.6)
    guard-rspec (1.2.1)
      guard (>= 1.1)
    has_scope (0.5.1)
    highline (1.6.16)
    httparty (0.6.1)
      crack (= 0.1.8)
    i18n (0.4.2)
    inherited_resources (1.0.6)
      has_scope (~> 0.5.0)
      responders (~> 0.4.6)
    json (1.8.0)
    less (2.3.1)
      commonjs (~> 0.2.6)
    libnotify (0.8.0)
      ffi (>= 1.0.11)
    listen (1.3.0)
      rb-fsevent (>= 0.9.3)
      rb-inotify (>= 0.9)
      rb-kqueue (>= 0.2)
    lumberjack (1.0.4)
    metalive (0.0.1)
      httparty (= 0.6.1)
    method_source (0.8.2)
    net-scp (1.1.0)
      net-ssh (>= 2.6.5)
    net-sftp (2.1.1)
      net-ssh (>= 2.6.5)
    net-ssh (2.6.6)
    net-ssh-gateway (1.2.0)
      net-ssh (>= 2.6.5)
    parallel (0.8.4)
    polyglot (0.3.3)
    pry (0.9.12.2)
      coderay (~> 1.0.5)
      method_source (~> 0.8)
      slop (~> 3.4)
    rack (1.1.6)
    rails (2.3.8)
      actionmailer (= 2.3.8)
      actionpack (= 2.3.8)
      activerecord (= 2.3.8)
      activeresource (= 2.3.8)
      activesupport (= 2.3.8)
      rake (>= 0.8.3)
    rake (0.8.7)
    rake-debian-build (1.0.18)
    rb-fsevent (0.9.3)
    rb-inotify (0.9.1)
      ffi (>= 0.5.0)
    rb-kqueue (0.2.0)
      ffi (>= 0.5.0)
    remarkable (3.1.13)
      rspec (>= 1.2.0)
    remarkable_activerecord (3.1.13)
      remarkable (~> 3.1.13)
      rspec (>= 1.2.0)
    remarkable_rails (3.1.13)
      remarkable (~> 3.1.13)
      remarkable_activerecord (~> 3.1.13)
      rspec (>= 1.2.0)
      rspec-rails (>= 1.2.0)
    responders (0.4.8)
    rspec (1.3.2)
    rspec-rails (1.3.4)
      rack (>= 1.0.0)
      rspec (~> 1.3.1)
    slop (3.4.6)
    sqlite3 (1.3.7)
    sqlite3-ruby (1.3.3)
      sqlite3 (>= 1.3.3)
    steto (0.0.7)
      cocaine (= 0.2.1)
      json
      parallel
    taglib-ruby (0.4.0)
    thor (0.18.1)
    treetop (1.4.15)
      polyglot
      polyglot (>= 0.3.1)
    trollop (2.0)

PLATFORMS
  ruby

DEPENDENCIES
  SyslogLogger
  capistrano
  delayed_job
  guard
  guard-rspec
  i18n (< 0.5.0)
  inherited_resources (~> 1.0.6)
  less
  libnotify
  metalive (= 0.0.1)
  pige!
  rails (= 2.3.8)
  rake (~> 0.8.7)
  rake-debian-build
  rb-inotify
  remarkable_rails
  responders (~> 0.4.7)
  rspec-rails (~> 1.3.2)
  sqlite3-ruby
  taglib-ruby (= 0.4.0)
  tryphon-box!
