GEM
  remote: http://rubygems.org/
  specs:
    SyslogLogger (1.4.0)
      hoe (>= 1.2.0)
    ZenTest (4.5.0)
    actionmailer (2.3.8)
      actionpack (= 2.3.8)
    actionpack (2.3.8)
      activesupport (= 2.3.8)
      rack (~> 1.1.0)
    activerecord (2.3.8)
      activesupport (= 2.3.8)
    activeresource (2.3.8)
      activesupport (= 2.3.8)
    activesupport (2.3.8)
    autotest (4.4.6)
      ZenTest (>= 4.4.1)
    daemons (1.1.0)
    delayed_job (2.0.4)
      daemons
    has_scope (0.5.0)
    hoe (2.6.2)
      rake (>= 0.8.7)
      rubyforge (>= 2.0.4)
    i18n (0.4.2)
    inherited_resources (1.0.6)
      has_scope (~> 0.5.0)
      responders (~> 0.4.6)
    json_pure (1.4.6)
    less (1.2.21)
      mutter (>= 0.4.2)
      treetop (>= 1.4.2)
    mutter (0.5.3)
    polyglot (0.3.1)
    rack (1.1.2)
    rails (2.3.8)
      actionmailer (= 2.3.8)
      actionpack (= 2.3.8)
      activerecord (= 2.3.8)
      activeresource (= 2.3.8)
      activesupport (= 2.3.8)
      rake (>= 0.8.3)
    rake (0.8.7)
    rake-debian-build (1.0.18)
    remarkable (3.1.13)
      rspec (>= 1.2.0)
    remarkable_activerecord (3.1.13)
      remarkable (~> 3.1.13)
      rspec (>= 1.2.0)
    remarkable_rails (3.1.13)
      remarkable (~> 3.1.13)
      remarkable_activerecord (~> 3.1.13)
      rspec (>= 1.2.0)
      rspec-rails (>= 1.2.0)
    responders (0.4.7)
    rspec (1.3.2)
    rspec-rails (1.3.4)
      rack (>= 1.0.0)
      rspec (~> 1.3.1)
    rubyforge (2.0.4)
      json_pure (>= 1.1.7)
    sqlite3-ruby (1.3.1)
    treetop (1.4.9)
      polyglot (>= 0.3.1)

PLATFORMS
  ruby

DEPENDENCIES
  SyslogLogger
  autotest
  delayed_job
  i18n (< 0.5.0)
  inherited_resources (~> 1.0.6)
  less
  rails (= 2.3.8)
  rake-debian-build
  remarkable_rails
  responders (~> 0.4.7)
  rspec-rails (~> 1.3.2)
  sqlite3-ruby
