GIT
  remote: git://projects.tryphon.priv/box
  revision: 020ee5677d2fdacef44e69efbe6f068cce1610d9
  specs:
    tryphon-box (0.0.8)
      activesupport
      facter
      httparty
      steto
      trollop

GIT
  remote: git://projects.tryphon.priv/pige
  revision: 7fa4b4dde07ca0dbcdec549c0907192a819b7161
  specs:
    pige (0.0.1)
      activesupport
      taglib-ruby

GEM
  remote: http://rubygems.org/
  specs:
    SyslogLogger (2.0)
    actionmailer (2.3.8)
      actionpack (= 2.3.8)
    actionpack (2.3.8)
      activesupport (= 2.3.8)
      rack (~> 1.1.0)
    activerecord (2.3.8)
      activesupport (= 2.3.8)
    activeresource (2.3.8)
      activesupport (= 2.3.8)
    activesupport (2.3.8)
    capistrano (2.14.2)
      highline
      net-scp (>= 1.0.0)
      net-sftp (>= 2.0.0)
      net-ssh (>= 2.0.14)
      net-ssh-gateway (>= 1.1.0)
    cocaine (0.2.1)
    commonjs (0.2.6)
    crack (0.1.8)
    daemons (1.0.10)
    delayed_job (2.0.7)
      activesupport (~> 2.0)
      daemons (= 1.0.10)
    facter (1.6.18)
    has_scope (0.5.1)
    highline (1.6.16)
    httparty (0.6.1)
      crack (= 0.1.8)
    i18n (0.4.2)
    inherited_resources (1.0.6)
      has_scope (~> 0.5.0)
      responders (~> 0.4.6)
    json (1.7.7)
    less (2.3.1)
      commonjs (~> 0.2.6)
    metalive (0.0.1)
      httparty (= 0.6.1)
    net-scp (1.1.0)
      net-ssh (>= 2.6.5)
    net-sftp (2.1.1)
      net-ssh (>= 2.6.5)
    net-ssh (2.6.6)
    net-ssh-gateway (1.2.0)
      net-ssh (>= 2.6.5)
    parallel (0.6.4)
    rack (1.1.6)
    rails (2.3.8)
      actionmailer (= 2.3.8)
      actionpack (= 2.3.8)
      activerecord (= 2.3.8)
      activeresource (= 2.3.8)
      activesupport (= 2.3.8)
      rake (>= 0.8.3)
    rake (0.8.7)
    rake-debian-build (1.0.18)
    remarkable (3.1.13)
      rspec (>= 1.2.0)
    remarkable_activerecord (3.1.13)
      remarkable (~> 3.1.13)
      rspec (>= 1.2.0)
    remarkable_rails (3.1.13)
      remarkable (~> 3.1.13)
      remarkable_activerecord (~> 3.1.13)
      rspec (>= 1.2.0)
      rspec-rails (>= 1.2.0)
    responders (0.4.8)
    rspec (1.3.2)
    rspec-rails (1.3.4)
      rack (>= 1.0.0)
      rspec (~> 1.3.1)
    sqlite3 (1.3.7)
    sqlite3-ruby (1.3.3)
      sqlite3 (>= 1.3.3)
    steto (0.0.7)
      cocaine (= 0.2.1)
      json
      parallel
    taglib-ruby (0.4.0)
    trollop (2.0)

PLATFORMS
  ruby

DEPENDENCIES
  SyslogLogger
  capistrano
  delayed_job
  i18n (< 0.5.0)
  inherited_resources (~> 1.0.6)
  less
  metalive (= 0.0.1)
  pige!
  rails (= 2.3.8)
  rake (~> 0.8.7)
  rake-debian-build
  remarkable_rails
  responders (~> 0.4.7)
  rspec-rails (~> 1.3.2)
  sqlite3-ruby
  taglib-ruby (= 0.4.0)
  tryphon-box!
